GEM
  remote: https://rubygems.org/
  specs:
    nokogiri (1.16.5-x86_64-linux)
      racc (~> 1.4)
    racc (1.8.0)

PLATFORMS
  x86_64-linux

DEPENDENCIES
  nokogiri

BUNDLED WITH
   2.3.7
